NUGET
  remote: https://nuget.org/api/v2
  specs:
    FAKE (3.36.0)
    Fare (1.0.0)
    FsCheck (2.0.4)
      FSharp.Core (>= 3.1.2.1)
    FSharp.Compiler.Service (1.3.1.0)
    FSharp.Core (3.1.2.5)
    FSharp.Formatting (2.9.10)
      FSharp.Compiler.Service (>= 0.0.87)
      FSharpVSPowerTools.Core (1.8.0)
    FSharpVSPowerTools.Core (1.8.0)
      FSharp.Compiler.Service (>= 0.0.87)
    Microsoft.Bcl (1.1.10)
      Microsoft.Bcl.Build (>= 1.0.14)
    Microsoft.Bcl.Build (1.0.21)
    Microsoft.Net.Http (2.2.29)
      Microsoft.Bcl (>= 1.1.10)
      Microsoft.Bcl.Build (>= 1.0.14)
    NUnit (2.6.4)
    NUnit.Runners (2.6.4)
    Octokit (0.14.0)
      Microsoft.Net.Http
    SourceLink.Fake (1.0.0)
GITHUB
  remote: fsharp/FAKE
  specs:
    modules/Octokit/Octokit.fsx (26d2b68962b2e380aebacdea118f4f0221d45646)
      Octokit