NUGET
  remote: https://nuget.org/api/v2
  specs:
    FAKE (4.0.0)
    Fare (1.0.0)
    FsCheck (2.0.4)
      FSharp.Core (>= 3.1.2.1)
    FsCheck.Nunit (2.0.4)
      FsCheck (>= 2.0.4)
      NUnit (>= 2.6.4)
      NUnit.Runners (>= 2.6.4)
    FSharp.Compiler.Service (1.3.1.0)
    FSharp.Core (3.1.2.5)
    FSharp.Formatting (2.9.10)
      FSharp.Compiler.Service (>= 0.0.87)
      FSharpVSPowerTools.Core (1.8.0)
    FSharpVSPowerTools.Core (1.8.0)
      FSharp.Compiler.Service (>= 0.0.87)
    Microsoft.Bcl (1.1.10)
      Microsoft.Bcl.Build (>= 1.0.14)
    Microsoft.Bcl.Build (1.0.21)
    Microsoft.Net.Http (2.2.29)
      Microsoft.Bcl (>= 1.1.10)
      Microsoft.Bcl.Build (>= 1.0.14)
    NUnit (2.6.4)
    NUnit.Runners (2.6.4)
    NUnitTestAdapter (2.0.0)
    Octokit (0.14.0)
      Microsoft.Net.Http
    SourceLink.Fake (1.0.0)
GITHUB
  remote: fsharp/FAKE
  specs:
    modules/Octokit/Octokit.fsx (8e9dd3709bc851bc9474a2ab9024c3d5a698beec)
      Octokit